PATH
  remote: .
  specs:
    tmdb_party (0.9.0)
      httparty (~> 0.7.8)

GEM
  remote: http://rubygems.org/
  specs:
    coderay (1.0.5)
    crack (0.1.8)
    diff-lcs (1.1.3)
    fakeweb (1.3.0)
    httparty (0.7.8)
      crack (= 0.1.8)
    json (1.6.5)
    method_source (0.7.0)
    pry (0.9.8.2)
      coderay (~> 1.0.5)
      method_source (~> 0.7)
      slop (>= 2.4.4, < 3)
    pry (0.9.8.2-java)
      coderay (~> 1.0.5)
      method_source (~> 0.7)
      slop (>= 2.4.4, < 3)
      spoon (~> 0.0)
    rake (0.9.2.2)
    rcov (0.9.9)
    rcov (0.9.9-java)
    rdoc (3.12)
      json (~> 1.4)
    rspec (2.8.0)
      rspec-core (~> 2.8.0)
      rspec-expectations (~> 2.8.0)
      rspec-mocks (~> 2.8.0)
    rspec-core (2.8.0)
    rspec-expectations (2.8.0)
      diff-lcs (~> 1.1.2)
    rspec-mocks (2.8.0)
    slop (2.4.4)
    spoon (0.0.1)

PLATFORMS
  java
  ruby

DEPENDENCIES
  fakeweb
  pry
  rake
  rcov
  rdoc
  rspec (>= 2.8.0)
  tmdb_party!
